PATH
  remote: .
  specs:
    mua (0.5.2)
      async
      async-io

GEM
  remote: https://rubygems.org/
  specs:
    async (1.28.3)
      console (~> 1.10)
      nio4r (~> 2.3)
      timers (~> 4.1)
    async-io (1.30.1)
      async (~> 1.14)
    async-rspec (1.15.0)
      rspec (~> 3.0)
      rspec-files (~> 1.0)
      rspec-memory (~> 1.0)
    console (1.10.1)
      fiber-local
    diff-lcs (1.4.4)
    fiber-local (1.0.0)
    flamegraph (0.9.5)
    mail (2.7.1)
      mini_mime (>= 0.1.1)
    mini_mime (1.0.2)
    nio4r (2.5.4)
    rake (13.0.3)
    rspec (3.10.0)
      rspec-core (~> 3.10.0)
      rspec-expectations (~> 3.10.0)
      rspec-mocks (~> 3.10.0)
    rspec-core (3.10.1)
      rspec-support (~> 3.10.0)
    rspec-expectations (3.10.1)
      diff-lcs (>= 1.2.0, < 2.0)
      rspec-support (~> 3.10.0)
    rspec-files (1.1.0)
      rspec (~> 3.0)
    rspec-memory (1.0.2)
      rspec (~> 3.0)
    rspec-mocks (3.10.1)
      diff-lcs (>= 1.2.0, < 2.0)
      rspec-support (~> 3.10.0)
    rspec-support (3.10.1)
    stackprof (0.2.16)
    timers (4.3.2)

PLATFORMS
  ruby

DEPENDENCIES
  async-rspec
  bundler
  flamegraph
  mail
  mua!
  rake
  rspec
  stackprof

BUNDLED WITH
   2.1.4
