PATH
  remote: .
  specs:
    mua (0.7.1)
      async
      async-io

GEM
  remote: https://rubygems.org/
  specs:
    async (2.21.0)
      console (~> 1.29)
      fiber-annotation
      io-event (~> 1.6, >= 1.6.5)
    async-io (1.43.2)
      async
    async-rspec (1.17.0)
      rspec (~> 3.0)
      rspec-files (~> 1.0)
      rspec-memory (~> 1.0)
    console (1.29.0)
      fiber-annotation
      fiber-local (~> 1.1)
      json
    date (3.4.0)
    diff-lcs (1.5.1)
    fiber-annotation (0.2.0)
    fiber-local (1.1.0)
      fiber-storage
    fiber-storage (1.0.0)
    flamegraph (0.9.5)
    io-event (1.7.3)
    json (2.8.2)
    mail (2.8.1)
      mini_mime (>= 0.1.1)
      net-imap
      net-pop
      net-smtp
    mini_mime (1.1.5)
    net-imap (0.5.1)
      date
      net-protocol
    net-pop (0.1.2)
      net-protocol
    net-protocol (0.2.2)
      timeout
    net-smtp (0.5.0)
      net-protocol
    rake (13.2.1)
    rspec (3.13.0)
      rspec-core (~> 3.13.0)
      rspec-expectations (~> 3.13.0)
      rspec-mocks (~> 3.13.0)
    rspec-core (3.13.2)
      rspec-support (~> 3.13.0)
    rspec-expectations (3.13.3)
      diff-lcs (>= 1.2.0, < 2.0)
      rspec-support (~> 3.13.0)
    rspec-files (1.1.3)
      rspec (~> 3.0)
    rspec-memory (1.0.4)
      rspec (~> 3.0)
    rspec-mocks (3.13.2)
      diff-lcs (>= 1.2.0, < 2.0)
      rspec-support (~> 3.13.0)
    rspec-support (3.13.1)
    stackprof (0.2.26)
    timeout (0.4.2)

PLATFORMS
  arm64-darwin-20
  arm64-darwin-24
  x86_64-darwin-20

DEPENDENCIES
  async-rspec
  bundler
  flamegraph
  mail
  mua!
  rake
  rspec
  stackprof

BUNDLED WITH
   2.2.28
