PATH
  remote: .
  specs:
    mua (0.2.0)
      async
      async-io

GEM
  remote: https://rubygems.org/
  specs:
    async (1.23.0)
      console (~> 1.0)
      nio4r (~> 2.3)
      timers (~> 4.1)
    async-io (1.27.0)
      async (~> 1.14)
    async-rspec (1.13.0)
      rspec (~> 3.0)
      rspec-files (~> 1.0)
      rspec-memory (~> 1.0)
    console (1.6.0)
    diff-lcs (1.3)
    flamegraph (0.9.5)
    nio4r (2.5.2)
    rake (13.0.0)
    rspec (3.9.0)
      rspec-core (~> 3.9.0)
      rspec-expectations (~> 3.9.0)
      rspec-mocks (~> 3.9.0)
    rspec-core (3.9.0)
      rspec-support (~> 3.9.0)
    rspec-expectations (3.9.0)
      diff-lcs (>= 1.2.0, < 2.0)
      rspec-support (~> 3.9.0)
    rspec-files (1.0.2)
      rspec (~> 3.0)
    rspec-memory (1.0.1)
      rspec (~> 3.0)
    rspec-mocks (3.9.0)
      diff-lcs (>= 1.2.0, < 2.0)
      rspec-support (~> 3.9.0)
    rspec-support (3.9.0)
    stackprof (0.2.13)
    timers (4.3.0)

PLATFORMS
  ruby

DEPENDENCIES
  async-rspec
  bundler
  flamegraph
  mua!
  rake
  rspec
  stackprof

BUNDLED WITH
   2.0.2
