PATH
  remote: .
  specs:
    mua (0.1.0)
      async
      async-io

GEM
  remote: https://rubygems.org/
  specs:
    async (1.23.0)
      console (~> 1.0)
      nio4r (~> 2.3)
      timers (~> 4.1)
    async-io (1.27.0)
      async (~> 1.14)
    console (1.5.0)
    diff-lcs (1.3)
    nio4r (2.5.2)
    rake (13.0.0)
    rspec (3.9.0)
      rspec-core (~> 3.9.0)
      rspec-expectations (~> 3.9.0)
      rspec-mocks (~> 3.9.0)
    rspec-core (3.9.0)
      rspec-support (~> 3.9.0)
    rspec-expectations (3.9.0)
      diff-lcs (>= 1.2.0, < 2.0)
      rspec-support (~> 3.9.0)
    rspec-mocks (3.9.0)
      diff-lcs (>= 1.2.0, < 2.0)
      rspec-support (~> 3.9.0)
    rspec-support (3.9.0)
    timers (4.3.0)

PLATFORMS
  ruby

DEPENDENCIES
  bundler
  mua!
  rake
  rspec

BUNDLED WITH
   2.0.2
